GEM
  remote: http://rubygems.org/
  specs:
    chunky_png (1.2.8)
    compass (0.12.2)
      chunky_png (~> 1.2)
      fssm (>= 0.2.7)
      sass (~> 3.1)
    fssm (0.2.10)
    json (1.7.7)
    nokogiri (1.5.9)
    sass (3.2.7)

PLATFORMS
  ruby

DEPENDENCIES
  compass
  json
  nokogiri
